PATH
  remote: .
  specs:
    chicanery (0.0.5)
      nokogiri (~> 1)

GEM
  remote: https://rubygems.org/
  specs:
    diff-lcs (1.1.3)
    multi_json (1.3.7)
    nokogiri (1.5.5)
    rake (0.9.2.2)
    rspec (2.11.0)
      rspec-core (~> 2.11.0)
      rspec-expectations (~> 2.11.0)
      rspec-mocks (~> 2.11.0)
    rspec-core (2.11.1)
    rspec-expectations (2.11.3)
      diff-lcs (~> 1.1.3)
    rspec-mocks (2.11.3)
    simplecov (0.7.1)
      multi_json (~> 1.0)
      simplecov-html (~> 0.7.1)
    simplecov-gem-adapter (1.0.1)
      simplecov
    simplecov-html (0.7.1)

PLATFORMS
  ruby

DEPENDENCIES
  chicanery!
  rake (~> 0)
  rspec (~> 2)
  simplecov
  simplecov-gem-adapter
